GEM
  remote: https://rubygems.org/
  specs:
    googlecharts (1.6.12)
    mini_portile2 (2.0.0)
    nokogiri (1.6.7.2)
      mini_portile2 (~> 2.0.0.rc2)
    roo (2.1.1)
      nokogiri (~> 1)
      rubyzip (~> 1.1, < 2.0.0)
    rubyzip (1.1.7)

PLATFORMS
  ruby

DEPENDENCIES
  googlecharts (~> 1.6, >= 1.6.12)
  roo (~> 2.1.0)
